NUGET
  remote: https://www.nuget.org/api/v2
  specs:
    DynamicInterop (0.7.4)
    FAKE (4.19.0)
    FSharp.Core (3.1.2.5)
    NuGet.CommandLine (3.3.0)
    NUnit (3.0.1)
    NUnit.Console (3.0.1)
    NUnit.Runners (3.0.1)
      NUnit.Console (3.0.1)
    Spreads.Core (0.3.3)
      FSharp.Core (>= 3.1.2.5)
