NUGET
  remote: https://www.nuget.org/api/v2
  specs:
    DynamicInterop (0.7.4)
    FAKE (4.19.0)
    FSharp.Core (3.1.2.5)
    Newtonsoft.Json (8.0.2)
    NodaTime (1.3.1)
    NuGet.CommandLine (3.3.0)
    NUnit (2.6.4)
    NUnit.Console (3.0.1)
    NUnit.Runners (3.0.1)
      NUnit.Console (3.0.1)
    Spreads (0.3.3)
      Spreads.Core (>= 0.3.3)
      Spreads.Extensions (>= 0.3.3)
    Spreads.Core (0.3.3)
      FSharp.Core (>= 3.1.2.5)
    Spreads.Extensions (0.3.3)
      Newtonsoft.Json (>= 8.0.1)
      NodaTime (>= 1.3.1)
      Spreads.Core (>= 0.3.3)
GITHUB
  remote: BlueMountainCapital/FSharpRProvider
  specs:
    src/RProvider/CharacterDeviceInterceptor.fs (04997e52736090d8f9b77c2ce2a75cd3d0850264)
    src/RProvider/Configuration.fs (04997e52736090d8f9b77c2ce2a75cd3d0850264)
    src/RProvider/Converters.fs (04997e52736090d8f9b77c2ce2a75cd3d0850264)
    src/RProvider/Logging.fs (04997e52736090d8f9b77c2ce2a75cd3d0850264)
    src/RProvider/RInit.fs (04997e52736090d8f9b77c2ce2a75cd3d0850264)
    src/RProvider/RInterop.fs (04997e52736090d8f9b77c2ce2a75cd3d0850264)
    src/RProvider/RInteropInterface.fs (04997e52736090d8f9b77c2ce2a75cd3d0850264)